GEM
  remote: https://rubygems.org/
  specs:
    bson (1.11.1)
    bson_ext (1.11.1)
      bson (~> 1.11.1)
    colorize (0.7.5)
    minitest (5.5.0)
    mongo (1.11.1)
      bson (= 1.11.1)

PLATFORMS
  ruby

DEPENDENCIES
  bson
  bson_ext
  colorize
  minitest
  mongo
